GIT
  remote: git://www.github.com/vinibaggio/outpost.git
  revision: 3a3f23846814134b33f3c88e0637a22c5daaa5e8
  specs:
    outpost (0.2.0)

GEM
  remote: http://rubygems.org/
  specs:
    haml (3.0.25)
    net-ping (1.4.0)
    rack (1.2.1)
    sinatra (1.2.0)
      rack (~> 1.1)
      tilt (>= 1.2.2, < 2.0)
    tilt (1.2.2)

PLATFORMS
  ruby

DEPENDENCIES
  haml
  net-ping
  outpost!
  sinatra
